GEM
  remote: https://rubygems.org/
  specs:
    aws-eventstream (1.0.3)
    aws-partitions (1.193.0)
    aws-sdk-cloudwatch (1.27.0)
      aws-sdk-core (~> 3, >= 3.61.1)
      aws-sigv4 (~> 1.1)
    aws-sdk-core (3.61.1)
      aws-eventstream (~> 1.0, >= 1.0.2)
      aws-partitions (~> 1.0)
      aws-sigv4 (~> 1.1)
      jmespath (~> 1.0)
    aws-sigv4 (1.1.0)
      aws-eventstream (~> 1.0, >= 1.0.2)
    connection_pool (2.2.2)
    jmespath (1.4.0)
    rack (2.2.3)
    rack-protection (2.0.5)
      rack
    redis (4.1.2)
    sidekiq (5.2.7)
      connection_pool (~> 2.2, >= 2.2.2)
      rack (>= 1.5.0)
      rack-protection (>= 1.5.0)
      redis (>= 3.3.5, < 5)

PLATFORMS
  ruby

DEPENDENCIES
  aws-sdk-cloudwatch!
  sidekiq!

BUNDLED WITH
   2.0.1
